GIT
  remote: https://github.com/karafka/karafka
  revision: a8b7446d27000359bd2c0d177c4db340a4cf91d8
  specs:
    karafka (1.3.0)
      dry-configurable (~> 0.8)
      dry-inflector (~> 0.1)
      dry-monitor (~> 0.3)
      dry-validation (~> 1.0)
      envlogic (~> 1.0)
      irb (~> 1.0)
      multi_json (>= 1.12)
      rake (>= 11.3)
      ruby-kafka (>= 0.7.8)
      thor (~> 0.20)
      waterdrop (~> 1.3)
      zeitwerk (~> 2.1)

GIT
  remote: https://github.com/karafka/waterdrop
  revision: db83ebef0ccdb7638a14401907502771b102112c
  specs:
    waterdrop (1.3.0)
      delivery_boy (~> 0.2)
      dry-configurable (~> 0.8)
      dry-monitor (~> 0.3)
      dry-validation (~> 1.0)
      ruby-kafka (>= 0.7.7)
      zeitwerk (~> 2.1)

PATH
  remote: .
  specs:
    karafka-testing (1.3.0)
      karafka (~> 1.3)

GEM
  remote: https://rubygems.org/
  specs:
    concurrent-ruby (1.1.5)
    delivery_boy (0.2.7)
      king_konf (~> 0.2)
      ruby-kafka (~> 0.5)
    diff-lcs (1.3)
    digest-crc (0.4.1)
    docile (1.3.2)
    dry-configurable (0.8.3)
      concurrent-ruby (~> 1.0)
      dry-core (~> 0.4, >= 0.4.7)
    dry-container (0.7.1)
      concurrent-ruby (~> 1.0)
      dry-configurable (~> 0.1, >= 0.1.3)
    dry-core (0.4.8)
      concurrent-ruby (~> 1.0)
    dry-equalizer (0.2.2)
    dry-events (0.1.1)
      concurrent-ruby (~> 1.0)
      dry-core (~> 0.4)
      dry-equalizer (~> 0.2)
    dry-inflector (0.1.2)
    dry-initializer (3.0.1)
    dry-logic (1.0.2)
      concurrent-ruby (~> 1.0)
      dry-core (~> 0.2)
      dry-equalizer (~> 0.2)
    dry-monitor (0.3.1)
      dry-configurable (~> 0.5)
      dry-core (~> 0.4)
      dry-equalizer (~> 0.2)
      dry-events (~> 0.1)
    dry-schema (1.2.0)
      concurrent-ruby (~> 1.0)
      dry-configurable (~> 0.8, >= 0.8.3)
      dry-core (~> 0.4)
      dry-equalizer (~> 0.2)
      dry-initializer (~> 3.0)
      dry-logic (~> 1.0)
      dry-types (~> 1.0)
    dry-types (1.0.1)
      concurrent-ruby (~> 1.0)
      dry-container (~> 0.3)
      dry-core (~> 0.4, >= 0.4.4)
      dry-equalizer (~> 0.2, >= 0.2.2)
      dry-inflector (~> 0.1, >= 0.1.2)
      dry-logic (~> 1.0)
    dry-validation (1.1.0)
      concurrent-ruby (~> 1.0)
      dry-container (~> 0.7, >= 0.7.1)
      dry-core (~> 0.4)
      dry-equalizer (~> 0.2)
      dry-initializer (~> 3.0)
      dry-schema (~> 1.0, >= 1.1.0)
    envlogic (1.1.0)
      dry-inflector (~> 0.1)
    irb (1.0.0)
    json (2.2.0)
    king_konf (0.3.7)
    multi_json (1.13.1)
    rake (12.3.2)
    rspec (3.8.0)
      rspec-core (~> 3.8.0)
      rspec-expectations (~> 3.8.0)
      rspec-mocks (~> 3.8.0)
    rspec-core (3.8.1)
      rspec-support (~> 3.8.0)
    rspec-expectations (3.8.4)
      diff-lcs (>= 1.2.0, < 2.0)
      rspec-support (~> 3.8.0)
    rspec-mocks (3.8.1)
      diff-lcs (>= 1.2.0, < 2.0)
      rspec-support (~> 3.8.0)
    rspec-support (3.8.2)
    ruby-kafka (0.7.8)
      digest-crc
    simplecov (0.16.1)
      docile (~> 1.1)
      json (>= 1.8, < 3)
      simplecov-html (~> 0.10.0)
    simplecov-html (0.10.2)
    thor (0.20.3)
    zeitwerk (2.1.6)

PLATFORMS
  ruby

DEPENDENCIES
  karafka!
  karafka-testing!
  rspec
  simplecov
  waterdrop!

BUNDLED WITH
   2.0.2
